GEM
  remote: https://rubygems.org/
  specs:
    bson (1.12.0)
    daemons (1.2.2)
    eventmachine (1.0.7)
    ffi (1.9.8-x64-mingw32)
    haml (4.0.6)
      tilt
    json (1.8.2)
    mime-types (2.4.3)
    mongo (1.12.0)
      bson (= 1.12.0)
    netrc (0.10.3)
    rack (1.6.0)
    rest-client (1.7.3-x64-mingw32)
      ffi (~> 1.9)
      mime-types (>= 1.16, < 3.0)
      netrc (~> 0.7)
    sinatra (1.1.0)
      rack (~> 1.1)
      tilt (~> 1.1)
    thin (1.6.3)
      daemons (~> 1.0, >= 1.0.9)
      eventmachine (~> 1.0)
      rack (~> 1.0)
    tilt (1.4.1)

PLATFORMS
  x64-mingw32

DEPENDENCIES
  haml
  json
  mongo
  rest-client
  sinatra (= 1.1.0)
  thin
